GEM
  remote: http://rubygems.org/
  specs:
    diff-lcs (1.1.3)
    roodi (2.1.0)
      ruby_parser
    rspec (2.9.0)
      rspec-core (~> 2.9.0)
      rspec-expectations (~> 2.9.0)
      rspec-mocks (~> 2.9.0)
    rspec-core (2.9.0)
    rspec-expectations (2.9.0)
      diff-lcs (~> 1.1.3)
    rspec-mocks (2.9.0)
    ruby_parser (2.3.1)
      sexp_processor (~> 3.0)
    rugged (0.16.0)
    sexp_processor (3.1.0)

PLATFORMS
  ruby

DEPENDENCIES
  roodi
  rspec
  ruby_parser
  rugged
  sexp_processor
